GIT
  remote: https://github.com/CocoaPods/CocoaPods.git
  revision: 3cf3dbcde978d1666a8b007fe1eaae3c3ff42ab8
  branch: seg-podfile-refactor
  specs:
    cocoapods (0.39.0)
      activesupport (>= 4.0.2)
      claide (~> 0.9.1)
      cocoapods-core (= 0.39.0)
      cocoapods-deintegrate (~> 0.2.1)
      cocoapods-downloader (~> 0.9.3)
      cocoapods-plugins (~> 0.4.2)
      cocoapods-search (~> 0.1.0)
      cocoapods-stats (~> 0.6.2)
      cocoapods-trunk (~> 0.6.4)
      cocoapods-try (~> 0.5.1)
      colored (~> 1.2)
      escape (~> 0.0.4)
      molinillo (~> 0.4.0)
      nap (~> 1.0)
      xcodeproj (~> 0.28.2)

GIT
  remote: https://github.com/CocoaPods/Core.git
  revision: 9fd6c128f989655cf48b07f7145d73ad02ab0694
  branch: seg-podfile-refactor
  specs:
    cocoapods-core (0.39.0)
      activesupport (>= 4.0.2)
      fuzzy_match (~> 2.0.4)
      nap (~> 1.0)

GIT
  remote: https://github.com/CocoaPods/Xcodeproj.git
  revision: ffeadb7ca0edc5afafbac0304cf088c4e4b75ae5
  specs:
    xcodeproj (0.28.2)
      activesupport (>= 3)
      claide (~> 0.9.1)
      colored (~> 1.2)

GIT
  remote: https://github.com/CocoaPods/cocoapods-deintegrate.git
  revision: a0c2a243ecd2006b56d59105c8680ab0991d7c32
  specs:
    cocoapods-deintegrate (0.2.1)

GIT
  remote: https://github.com/alloy/deliver.git
  revision: 6f8e5d2f030931ff2c4bf5641a1daa59cb0b1f3a
  branch: only-include-known-languages
  specs:
    deliver (1.5.1)
      credentials_manager (>= 0.9.0)
      fastimage (~> 1.6.3)
      fastlane_core (>= 0.19.0, < 1.0.0)
      plist (~> 3.1.0)
      spaceship (>= 0.14.0, <= 1.0.0)

GIT
  remote: https://github.com/alloy/fastlane_core.git
  revision: aef11ae30b255fecd1476d130d590d33e6d85cc6
  branch: update-simplified-chinese-language-code
  specs:
    fastlane_core (0.26.3)
      babosa
      colored
      commander (>= 4.3.5)
      credentials_manager (>= 0.8.2, < 1.0.0)
      excon (~> 0.45.0)
      highline (>= 1.7.2)
      json
      multi_json
      plist (~> 3.1)
      rubyzip (~> 1.1.6)
      sentry-raven (~> 0.15)
      terminal-table (~> 1.4.5)

GEM
  remote: https://rubygems.org/
  specs:
    RubyInline (3.12.4)
      ZenTest (~> 4.3)
    ZenTest (4.11.0)
    activesupport (4.2.5)
      i18n (~> 0.7)
      json (~> 1.7, >= 1.7.7)
      minitest (~> 5.1)
      thread_safe (~> 0.3, >= 0.3.4)
      tzinfo (~> 1.1)
    addressable (2.4.0)
    aws-sdk-v1 (1.66.0)
      json (~> 1.4)
      nokogiri (>= 1.4.4)
    babosa (1.0.2)
    claide (0.9.1)
    cocoapods-downloader (0.9.3)
    cocoapods-keys (1.6.0)
      dotenv
      osx_keychain
    cocoapods-plugins (0.4.2)
      nap
    cocoapods-search (0.1.0)
    cocoapods-stats (0.6.2)
    cocoapods-trunk (0.6.4)
      nap (>= 0.8, < 2.0)
      netrc (= 0.7.8)
    cocoapods-try (0.5.1)
    coderay (1.1.0)
    colored (1.2)
    commander (4.3.5)
      highline (~> 1.7.2)
    credentials_manager (0.13.0)
      colored
      highline (>= 1.7.1)
      security
    domain_name (0.5.25)
      unf (>= 0.0.5, < 1.0.0)
    dotenv (2.0.2)
    escape (0.0.4)
    excon (0.45.4)
    faraday (0.9.2)
      multipart-post (>= 1.2, < 3)
    faraday-cookie_jar (0.0.6)
      faraday (>= 0.7.4)
      http-cookie (~> 1.0.0)
    faraday_middleware (0.10.0)
      faraday (>= 0.7.4, < 0.10)
    fastimage (1.6.8)
      addressable (~> 2.3, >= 2.3.5)
    fui (0.3.0)
      gli
    fuzzy_match (2.0.4)
    gli (2.13.4)
    highline (1.7.8)
    houston (2.2.3)
      commander (~> 4.1)
      json
    http-cookie (1.0.2)
      domain_name (~> 0.5)
    i18n (0.7.0)
    json (1.8.3)
    method_source (0.8.2)
    mini_portile2 (2.0.0)
    minitest (5.8.3)
    molinillo (0.4.0)
    multi_json (1.11.2)
    multi_xml (0.5.5)
    multipart-post (2.0.0)
    mustache (0.99.8)
    nap (1.0.0)
    netrc (0.7.8)
    nokogiri (1.6.7.rc4)
      mini_portile2 (~> 2.0.0.rc2)
    osx_keychain (1.0.1)
      RubyInline (~> 3)
    plist (3.1.0)
    pry (0.10.3)
      coderay (~> 1.1.0)
      method_source (~> 0.8.1)
      slop (~> 3.4)
    rouge (1.10.1)
    rubyzip (1.1.7)
    second_curtain (0.6.0)
      aws-sdk-v1 (~> 1.52)
      mustache (~> 0.99)
    security (0.1.3)
    sentry-raven (0.15.2)
      faraday (>= 0.7.6)
    slop (3.6.0)
    spaceship (0.18.1)
      colored
      credentials_manager (>= 0.9.0)
      faraday (~> 0.9)
      faraday-cookie_jar (~> 0.0.6)
      faraday_middleware (~> 0.9)
      fastimage (~> 1.6)
      multi_xml (~> 0.5)
      plist (~> 3.1)
      pry
    terminal-table (1.4.5)
    thread_safe (0.3.5)
    tzinfo (1.2.2)
      thread_safe (~> 0.1)
    unf (0.1.4)
      unf_ext
    unf_ext (0.0.7.1)
    xcpretty (0.2.1)
      rouge (~> 1.8)

PLATFORMS
  ruby

DEPENDENCIES
  cocoapods!
  cocoapods-core!
  cocoapods-deintegrate!
  cocoapods-keys
  deliver!
  fastlane_core!
  fui
  houston
  nokogiri (= 1.6.7.rc4)
  second_curtain
  xcodeproj!
  xcpretty

BUNDLED WITH
   1.11.2
