GEM
  remote: https://rubygems.org/
  specs:
    dnssd (2.0.1)
    rack (1.6.0)

PLATFORMS
  ruby

DEPENDENCIES
  dnssd
  rack
